GEM
  remote: https://rubygems.org/
  specs:
    addressable (2.8.7)
      public_suffix (>= 2.0.2, < 7.0)
    bcrypt_pbkdf (1.1.1)
    ed25519 (1.4.0)
    fileutils (1.7.3)
    git (1.19.1)
      addressable (~> 2.8)
      rchardet (~> 1.8)
    logger (1.7.0)
    net-ssh (7.3.0)
    open3 (0.2.1)
    public_suffix (6.0.2)
    rake (13.3.0)
    rchardet (1.9.0)
    yaml (0.4.0)

PLATFORMS
  ruby
  x86_64-darwin-24

DEPENDENCIES
  bcrypt_pbkdf (~> 1.1)
  ed25519 (~> 1.3)
  fileutils
  git (~> 1.13)
  logger
  net-ssh (~> 7.3)
  open3
  rake (~> 13.0)
  yaml

BUNDLED WITH
   2.6.9
