GEM
  remote: https://rubygems.org/
  specs:
    ast (2.4.3)
    bcrypt_pbkdf (1.1.1)
    coderay (1.1.3)
    diff-lcs (1.6.2)
    ed25519 (1.4.0)
    fileutils (1.7.3)
    json (2.12.2)
    language_server-protocol (3.17.0.5)
    lint_roller (1.1.0)
    logger (1.7.0)
    method_source (1.1.0)
    net-scp (4.1.0)
      net-ssh (>= 2.6.5, < 8.0.0)
    net-ssh (7.3.0)
    parallel (1.27.0)
    parser (3.3.8.0)
      ast (~> 2.4.1)
      racc
    prism (1.4.0)
    pry (0.15.2)
      coderay (~> 1.1)
      method_source (~> 1.0)
    racc (1.8.1)
    rainbow (3.1.1)
    rake (13.3.0)
    regexp_parser (2.10.0)
    rspec (3.13.1)
      rspec-core (~> 3.13.0)
      rspec-expectations (~> 3.13.0)
      rspec-mocks (~> 3.13.0)
    rspec-core (3.13.4)
      rspec-support (~> 3.13.0)
    rspec-expectations (3.13.5)
      diff-lcs (>= 1.2.0, < 2.0)
      rspec-support (~> 3.13.0)
    rspec-mocks (3.13.5)
      diff-lcs (>= 1.2.0, < 2.0)
      rspec-support (~> 3.13.0)
    rspec-support (3.13.4)
    rubocop (1.76.1)
      json (~> 2.3)
      language_server-protocol (~> 3.17.0.2)
      lint_roller (~> 1.1.0)
      parallel (~> 1.10)
      parser (>= 3.3.0.2)
      rainbow (>= 2.2.2, < 4.0)
      regexp_parser (>= 2.9.3, < 3.0)
      rubocop-ast (>= 1.45.0, < 2.0)
      ruby-progressbar (~> 1.7)
      unicode-display_width (>= 2.4.0, < 4.0)
    rubocop-ast (1.45.1)
      parser (>= 3.3.7.2)
      prism (~> 1.4)
    rubocop-performance (1.25.0)
      lint_roller (~> 1.1)
      rubocop (>= 1.75.0, < 2.0)
      rubocop-ast (>= 1.38.0, < 2.0)
    ruby-progressbar (1.13.0)
    unicode-display_width (2.6.0)
    yard (0.9.37)

PLATFORMS
  x86_64-darwin-24

DEPENDENCIES
  bcrypt_pbkdf (~> 1.1)
  ed25519 (~> 1.3)
  fileutils (~> 1.7)
  logger (~> 1.5)
  net-scp (~> 4.0)
  net-ssh (~> 7.2)
  pry (~> 0.14)
  rake (~> 13.0)
  rspec (~> 3.13)
  rubocop (~> 1.60)
  rubocop-performance (~> 1.20)
  yard (~> 0.9)

RUBY VERSION
   ruby 3.4.2p28

BUNDLED WITH
   2.6.9
